GEM
  remote: https://rubygems.org/
  specs:
    byebug (11.1.3)
    colsole (0.7.2)
    docopt (0.6.1)
    mini_magick (4.11.0)
    runfile (0.11.2)
      colsole (~> 0.5)
      docopt (~> 0.5)
    victor (0.3.2)

PLATFORMS
  x86_64-linux

DEPENDENCIES
  byebug
  mini_magick
  runfile
  victor

BUNDLED WITH
   2.2.16
